RESTRICTION: == netstandard2.0
NUGET
  remote: https://api.nuget.org/v3/index.json
    FSharp.Core (4.3.1)

GROUP NetClassic
RESTRICTION: == net45
NUGET
  remote: https://api.nuget.org/v3/index.json
    FSharp.Core (4.0.0.1)
